GEM
  remote: https://rubygems.org/
  specs:
    nio4r (2.5.9)
    puma (6.3.0)
      nio4r (~> 2.0)
    rack (3.0.8)

PLATFORMS
  x86_64-darwin-21

DEPENDENCIES
  puma (~> 6.3)
  rack (~> 3.0)

BUNDLED WITH
   2.4.14
